PATH
  remote: .
  specs:
    timed_lru (0.3.1)

GEM
  remote: http://rubygems.org/
  specs:
    diff-lcs (1.2.1)
    rake (10.0.3)
    rspec (2.13.0)
      rspec-core (~> 2.13.0)
      rspec-expectations (~> 2.13.0)
      rspec-mocks (~> 2.13.0)
    rspec-core (2.13.0)
    rspec-expectations (2.13.0)
      diff-lcs (>= 1.1.3, < 2.0)
    rspec-mocks (2.13.0)
    yard (0.8.5.2)

PLATFORMS
  ruby

DEPENDENCIES
  bundler
  rake
  rspec
  timed_lru!
  yard
